GEM
  remote: https://rubygems.org/
  specs:
    coderay (1.1.2)
    method_source (0.9.2)
    pry (0.12.2)
      coderay (~> 1.1.0)
      method_source (~> 0.9.0)
    pry-nav (0.3.0)
      pry (>= 0.9.10, < 0.13.0)
    require_all (2.0.0)
    rsync (1.0.9)
    thor (0.19.4)

PLATFORMS
  ruby

DEPENDENCIES
  pry
  pry-nav
  require_all
  rsync
  thor (~> 0.19.1)

BUNDLED WITH
   1.17.2
