GEM
  remote: https://rubygems.org/
  specs:
    coderay (1.1.2)
    method_source (0.8.2)
    pry (0.10.4)
      coderay (~> 1.1.0)
      method_source (~> 0.8.1)
      slop (~> 3.4)
    pry-nav (0.2.4)
      pry (>= 0.9.10, < 0.11.0)
    require_all (2.0.0)
    rsync (1.0.9)
    slop (3.6.0)
    thor (0.19.4)

PLATFORMS
  ruby

DEPENDENCIES
  pry
  pry-nav
  require_all
  rsync
  thor (~> 0.19.1)

BUNDLED WITH
   1.16.1
